PATH
  remote: .
  specs:
    shuhari (0.0.1)
      thor

GEM
  remote: https://rubygems.org/
  specs:
    thor (0.16.0)

PLATFORMS
  ruby

DEPENDENCIES
  shuhari!
